GEM
  remote: http://rubygems.org/
  specs:
    erubis (2.7.0)
    ffi (1.0.9)
    gd2-ffij (0.0.3)
    rack (1.3.2)
    rake (0.9.2)
    rqrcode (0.3.4)
    shotgun (0.9)
      rack (>= 1.0)
    sinatra (1.2.6)
      rack (~> 1.1)
      tilt (>= 1.2.2, < 2.0)
    sinatra-config-file (0.6.1)
      sinatra (~> 1.0)
    tilt (1.3.2)

PLATFORMS
  ruby

DEPENDENCIES
  erubis
  ffi
  gd2-ffij
  rake
  rqrcode
  shotgun
  sinatra
  sinatra-config-file
